GEM
  remote: https://rubygems.org/
  specs:
    active_support (3.0.0)
      activesupport (= 3.0.0)
    activesupport (3.0.0)
    addressable (2.3.2)
    archive-tar-minitar (0.5.2)
    columnize (0.3.6)
    cookiejar (0.3.0)
    daemons (1.1.9)
    dalli (2.5.0)
    em-http-request (1.0.3)
      addressable (>= 2.2.3)
      cookiejar
      em-socksify
      eventmachine (>= 1.0.0.beta.4)
      http_parser.rb (>= 0.5.3)
    em-resolv-replace (1.1.3)
    em-socksify (0.2.1)
      eventmachine (>= 1.0.0.beta.4)
    em-synchrony (1.0.2)
      eventmachine (>= 1.0.0.beta.1)
    eventmachine (1.0.0)
    hiredis (0.4.5)
    http_parser.rb (0.5.3)
    linecache19 (0.5.12)
      ruby_core_source (>= 0.1.4)
    pg (0.14.1)
    rack (1.4.1)
    rack-fiber_pool (0.9.2)
    rack-protection (1.2.0)
      rack
    redis (3.0.2)
    ruby-debug-base19 (0.11.25)
      columnize (>= 0.3.1)
      linecache19 (>= 0.5.11)
      ruby_core_source (>= 0.1.4)
    ruby-debug19 (0.11.6)
      columnize (>= 0.3.1)
      linecache19 (>= 0.5.11)
      ruby-debug-base19 (>= 0.11.19)
    ruby_core_source (0.1.5)
      archive-tar-minitar (>= 0.5.2)
    sinatra (1.3.3)
      rack (~> 1.3, >= 1.3.6)
      rack-protection (~> 1.2)
      tilt (~> 1.3, >= 1.3.3)
    sinatra-synchrony (0.4.1)
      em-http-request (~> 1.0)
      em-resolv-replace (~> 1.1)
      em-synchrony (~> 1.0.1)
      eventmachine (~> 1.0.0)
      rack-fiber_pool (~> 0.9)
      sinatra (~> 1.0)
    thin (1.5.0)
      daemons (>= 1.0.9)
      eventmachine (>= 0.12.6)
      rack (>= 1.0.0)
    tilt (1.3.3)

PLATFORMS
  ruby

DEPENDENCIES
  active_support
  dalli
  em-synchrony
  hiredis
  pg
  redis
  ruby-debug19
  sinatra
  sinatra-synchrony
  thin
